GEM
  remote: https://rubygems.org/
  specs:
    bson (4.4.2)
    httparty (0.13.7)
      json (~> 1.8)
      multi_xml (>= 0.5.2)
    json (1.8.6)
    mongo (2.8.0)
      bson (>= 4.4.2, < 5.0.0)
    multi_xml (0.6.0)

PLATFORMS
  ruby

DEPENDENCIES
  httparty (~> 0.13.7)
  mongo (~> 2.8)

BUNDLED WITH
   2.0.1
