GEM
  remote: https://rubygems.org/
  specs:
    ast (2.4.0)
    bson (4.4.2)
    httparty (0.13.7)
      json (~> 1.8)
      multi_xml (>= 0.5.2)
    jaro_winkler (1.5.2)
    json (1.8.6)
    mongo (2.8.0)
      bson (>= 4.4.2, < 5.0.0)
    multi_xml (0.6.0)
    parallel (1.17.0)
    parser (2.6.2.1)
      ast (~> 2.4.0)
    psych (3.1.0)
    rainbow (3.0.0)
    rubocop (0.67.2)
      jaro_winkler (~> 1.5.1)
      parallel (~> 1.10)
      parser (>= 2.5, != 2.5.1.1)
      psych (>= 3.1.0)
      rainbow (>= 2.2.2, < 4.0)
      ruby-progressbar (~> 1.7)
      unicode-display_width (>= 1.4.0, < 1.6)
    rubocop-performance (1.1.0)
      rubocop (>= 0.67.0)
    ruby-progressbar (1.10.0)
    unicode-display_width (1.5.0)

PLATFORMS
  ruby

DEPENDENCIES
  httparty (~> 0.13.7)
  mongo (~> 2.8)
  rubocop (~> 0.67.2)
  rubocop-performance

BUNDLED WITH
   2.0.1
